GIT
  remote: git://github.com/ambethia/passiverecord.git
  revision: cdf0747243e9bbf067ab6fea8cc6cc8f860112b1
  specs:
    passiverecord (0.2)

GIT
  remote: git://github.com/nexiahome/spawnling.git
  revision: 422a0aadbc685c17962348468e22e69e18d94500
  specs:
    spawnling (2.1.6)

GIT
  remote: git://github.com/raszi/restful-authentication.git
  revision: 0f7d50512bf47a63e53ea05cd5a7b2161732448f
  branch: rails4
  specs:
    restful-authentication (2.0.0.beta1)

GIT
  remote: git://github.com/shanti-uva/flare.git
  revision: 3f9f215c13f5ef62974c415834a4ea79088de392
  tag: v1.1.7
  specs:
    flare (1.1.7)
      faraday (~> 0.11.0)
      rails (~> 4.2.5)
      rsolr (~> 2.0.0.pre3)

GIT
  remote: git://github.com/shanti-uva/kmaps_engine.git
  revision: 3cbba4b73983e998944e722a4423aeefc72b0c3f
  branch: improve-related-features-interface/MANU-4311/drc2r
  specs:
    kmaps_engine (4.1.0)
      annotate
      coffee-rails (~> 4.1.0)
      exception_notification
      hpricot
      jbuilder (~> 2.0)
      memcache-client
      pg (~> 0.15)
      rails (= 4.2.5)
      turbolinks
      uglifier (>= 1.3.0)
      will_paginate

GIT
  remote: git://github.com/shanti-uva/resource_controller.git
  revision: 0d6c2e0a0739060a800d5740b386911b4d508eb1
  tag: v0.9.0
  specs:
    resource_controller (0.9.0)

GIT
  remote: git://github.com/shanti-uva/shanti_integration.git
  revision: 1591dc4e69b169f649a1a3b78c763a83072f9488
  tag: v3.3.9
  specs:
    shanti_integration (3.3.9)
      rails (~> 4.2.5)

GIT
  remote: git://github.com/shanti-uva/subjects_engine.git
  revision: 476337f1c1a201d27d97965bbfeb865f546dbac0
  branch: related-features-summary-solr/MANU-4331/drc2r
  specs:
    subjects_engine (1.3.5)
      rails (~> 4.2.5)

GIT
  remote: git://github.com/thl/active_resource_extensions.git
  revision: 118b8467008fcd5158e9b245ea0cfd6ce93df493
  tag: v2.1.9
  specs:
    active_resource_extensions (2.1.9)
      activeresource
      hpricot
      rails (~> 4.2.5)

GIT
  remote: git://github.com/thl/acts_as_family_tree.git
  revision: 236594b14857963622b9d7659627e375e2959328
  tag: v1.1.7
  specs:
    acts_as_family_tree (1.1.7)
      rails (~> 4.2.5)

GIT
  remote: git://github.com/thl/authenticated_system.git
  revision: ecb3fa78c5a1c04935a99af483e1effe9b36a98c
  tag: v2.3.6
  specs:
    authenticated_system (2.3.6)
      rails (~> 4.2.5)

GIT
  remote: git://github.com/thl/complex_dates.git
  revision: 9935e158da6ea5386a26b4a381582a13df995b20
  tag: v2.2.4
  specs:
    complex_dates (2.2.4)
      rails (~> 4.2.5)

GIT
  remote: git://github.com/thl/complex_scripts.git
  revision: d4cb2ff5fe7820491a03fb1c4eac4cf2aded8ddc
  tag: v2.3.0
  specs:
    complex_scripts (2.3.0)
      hpricot
      passiverecord (= 0.2)
      rails (~> 4.2.5)

GIT
  remote: git://github.com/thl/interface_utils.git
  revision: 4ff3cc00227f57102e71355a8be5b5234db0d43c
  tag: v2.3.3
  specs:
    interface_utils (2.3.3)
      rails (~> 4.2.5)

GIT
  remote: git://github.com/thl/mms_integration.git
  revision: 5b1f3410f6de778ca64e6fab1f62dfa9af4c0f3b
  tag: v2.3.4
  specs:
    mms_integration (2.3.4)
      rails (~> 4.2.5)

GIT
  remote: git://github.com/thl/places_integration.git
  revision: 6c54d991e05217a2c78b876f75f03e754562142c
  tag: v2.1.7
  specs:
    places_integration (2.1.7)
      rails (~> 4.2.5)

GIT
  remote: git://github.com/thl/proxy_engine.git
  revision: 8cee1af8b50842ee82a224671ec9f939d0533f86
  tag: v2.1.4
  specs:
    proxy_engine (2.1.4)
      rails (~> 4.2.5)

GIT
  remote: git://github.com/thl/universal_navigation.git
  revision: 234370309936d6689607555f1f2ad58889c6b481
  tag: v3.1.0
  specs:
    universal_navigation (3.1.0)
      rails (~> 4.2.5)

GEM
  remote: http://rubygems.org/
  specs:
    actionmailer (4.2.5)
      actionpack (= 4.2.5)
      actionview (= 4.2.5)
      activejob (= 4.2.5)
      mail (~> 2.5, >= 2.5.4)
      rails-dom-testing (~> 1.0, >= 1.0.5)
    actionpack (4.2.5)
      actionview (= 4.2.5)
      activesupport (= 4.2.5)
      rack (~> 1.6)
      rack-test (~> 0.6.2)
      rails-dom-testing (~> 1.0, >= 1.0.5)
      rails-html-sanitizer (~> 1.0, >= 1.0.2)
    actionpack-action_caching (1.2.0)
      actionpack (>= 4.0.0, < 6)
    actionpack-page_caching (1.1.0)
      actionpack (>= 4.0.0, < 6)
    actionview (4.2.5)
      activesupport (= 4.2.5)
      builder (~> 3.1)
      erubis (~> 2.7.0)
      rails-dom-testing (~> 1.0, >= 1.0.5)
      rails-html-sanitizer (~> 1.0, >= 1.0.2)
    activejob (4.2.5)
      activesupport (= 4.2.5)
      globalid (>= 0.3.0)
    activemodel (4.2.5)
      activesupport (= 4.2.5)
      builder (~> 3.1)
    activerecord (4.2.5)
      activemodel (= 4.2.5)
      activesupport (= 4.2.5)
      arel (~> 6.0)
    activeresource (4.1.0)
      activemodel (~> 4.0)
      activesupport (~> 4.0)
      rails-observers (~> 0.1.2)
    activesupport (4.2.5)
      i18n (~> 0.7)
      json (~> 1.7, >= 1.7.7)
      minitest (~> 5.1)
      thread_safe (~> 0.3, >= 0.3.4)
      tzinfo (~> 1.1)
    annotate (2.7.2)
      activerecord (>= 3.2, < 6.0)
      rake (>= 10.4, < 13.0)
    arel (6.0.4)
    autoprefixer-rails (7.1.5)
      execjs
    binding_of_caller (0.7.2)
      debug_inspector (>= 0.0.1)
    bootstrap-sass (3.3.7)
      autoprefixer-rails (>= 5.2.1)
      sass (>= 3.3.4)
    builder (3.2.3)
    byebug (9.1.0)
    coffee-rails (4.1.1)
      coffee-script (>= 2.2.0)
      railties (>= 4.0.0, < 5.1.x)
    coffee-script (2.4.1)
      coffee-script-source
      execjs
    coffee-script-source (1.12.2)
    concurrent-ruby (1.0.5)
    crass (1.0.2)
    debug_inspector (0.0.3)
    dynamic_form (1.1.4)
    erubis (2.7.0)
    exception_notification (4.2.2)
      actionmailer (>= 4.0, < 6)
      activesupport (>= 4.0, < 6)
    execjs (2.7.0)
    faraday (0.11.0)
      multipart-post (>= 1.2, < 3)
    ffi (1.9.18)
    globalid (0.4.0)
      activesupport (>= 4.2.0)
    hpricot (0.8.6)
    i18n (0.8.6)
    jbuilder (2.7.0)
      activesupport (>= 4.2.0)
      multi_json (>= 1.2)
    jquery-rails (4.3.1)
      rails-dom-testing (>= 1, < 3)
      railties (>= 4.2.0)
      thor (>= 0.14, < 2.0)
    jquery-ui-rails (6.0.1)
      railties (>= 3.2.16)
    json (1.8.6)
    libv8 (3.16.14.19)
    loofah (2.1.1)
      crass (~> 1.0.2)
      nokogiri (>= 1.5.9)
    mail (2.6.6)
      mime-types (>= 1.16, < 4)
    memcache-client (1.8.5)
    mime-types (3.1)
      mime-types-data (~> 3.2015)
    mime-types-data (3.2016.0521)
    mini_portile2 (2.3.0)
    minitest (5.10.3)
    multi_json (1.12.2)
    multipart-post (2.0.0)
    newrelic_rpm (4.5.0.337)
    nokogiri (1.8.1)
      mini_portile2 (~> 2.3.0)
    open_id_authentication (1.3.0)
      rack-openid (~> 1.3)
    pg (0.21.0)
    protected_attributes (1.1.4)
      activemodel (>= 4.0.1, < 5.0)
    rack (1.6.8)
    rack-openid (1.4.2)
      rack (>= 1.1.0)
      ruby-openid (>= 2.1.8)
    rack-test (0.6.3)
      rack (>= 1.0)
    rails (4.2.5)
      actionmailer (= 4.2.5)
      actionpack (= 4.2.5)
      actionview (= 4.2.5)
      activejob (= 4.2.5)
      activemodel (= 4.2.5)
      activerecord (= 4.2.5)
      activesupport (= 4.2.5)
      bundler (>= 1.3.0, < 2.0)
      railties (= 4.2.5)
      sprockets-rails
    rails-deprecated_sanitizer (1.0.3)
      activesupport (>= 4.2.0.alpha)
    rails-dom-testing (1.0.8)
      activesupport (>= 4.2.0.beta, < 5.0)
      nokogiri (~> 1.6)
      rails-deprecated_sanitizer (>= 1.0.1)
    rails-html-sanitizer (1.0.3)
      loofah (~> 2.0)
    rails-observers (0.1.5)
      activemodel (>= 4.0)
    railties (4.2.5)
      actionpack (= 4.2.5)
      activesupport (= 4.2.5)
      rake (>= 0.8.7)
      thor (>= 0.18.1, < 2.0)
    rake (12.1.0)
    rb-fsevent (0.10.2)
    rb-inotify (0.9.10)
      ffi (>= 0.5.0, < 2)
    rdoc (4.3.0)
    ref (2.0.0)
    rsolr (2.0.2)
      builder (>= 2.1.2)
      faraday
    ruby-openid (2.7.0)
    sass (3.5.2)
      sass-listen (~> 4.0.0)
    sass-listen (4.0.0)
      rb-fsevent (~> 0.9, >= 0.9.4)
      rb-inotify (~> 0.9, >= 0.9.7)
    sass-rails (5.0.6)
      railties (>= 4.0.0, < 6)
      sass (~> 3.1)
      sprockets (>= 2.8, < 4.0)
      sprockets-rails (>= 2.0, < 4.0)
      tilt (>= 1.1, < 3)
    sdoc (0.4.2)
      json (~> 1.7, >= 1.7.7)
      rdoc (~> 4.0)
    spring (2.0.2)
      activesupport (>= 4.2)
    sprockets (3.7.1)
      concurrent-ruby (~> 1.0)
      rack (> 1, < 3)
    sprockets-rails (3.2.1)
      actionpack (>= 4.0)
      activesupport (>= 4.0)
      sprockets (>= 3.0.0)
    therubyracer (0.12.3)
      libv8 (~> 3.16.14.15)
      ref
    thor (0.20.0)
    thread_safe (0.3.6)
    tilt (2.0.8)
    tinymce-rails (4.6.7)
      railties (>= 3.1.1)
    turbolinks (5.0.1)
      turbolinks-source (~> 5)
    turbolinks-source (5.0.3)
    tzinfo (1.2.3)
      thread_safe (~> 0.1)
    uglifier (3.2.0)
      execjs (>= 0.3.0, < 3)
    web-console (2.3.0)
      activemodel (>= 4.0)
      binding_of_caller (>= 0.7.2)
      railties (>= 4.0)
      sprockets-rails (>= 2.0, < 4.0)
    will_paginate (3.1.6)

PLATFORMS
  ruby

DEPENDENCIES
  actionpack-action_caching
  actionpack-page_caching
  active_resource_extensions (= 2.1.9)!
  activeresource
  acts_as_family_tree (= 1.1.7)!
  authenticated_system (= 2.3.6)!
  bootstrap-sass (~> 3.3.5)
  byebug
  complex_dates (= 2.2.4)!
  complex_scripts (= 2.3.0)!
  dynamic_form
  flare (= 1.1.7)!
  hpricot
  interface_utils (= 2.3.3)!
  jbuilder
  jquery-rails
  jquery-ui-rails
  kmaps_engine (= 4.1.0)!
  mms_integration (= 2.3.4)!
  newrelic_rpm
  open_id_authentication
  passiverecord (= 0.2)!
  places_integration (= 2.1.7)!
  protected_attributes
  proxy_engine (= 2.1.4)!
  rack-openid
  rails-observers
  resource_controller (= 0.9.0)!
  restful-authentication (= 2.0.0.beta1)!
  sass-rails (~> 5.0)
  sdoc (~> 0.4.0)
  shanti_integration (= 3.3.9)!
  spawnling (= 2.1.6)!
  spring
  subjects_engine (= 1.3.5)!
  therubyracer
  tinymce-rails
  universal_navigation (= 3.1.0)!
  web-console (~> 2.0)
  will_paginate

BUNDLED WITH
   1.15.4
