GIT
  remote: https://github.com/ambethia/passiverecord.git
  revision: cdf0747243e9bbf067ab6fea8cc6cc8f860112b1
  specs:
    passiverecord (0.2)

GIT
  remote: https://github.com/nexiahome/spawnling.git
  revision: 422a0aadbc685c17962348468e22e69e18d94500
  specs:
    spawnling (2.1.6)

GIT
  remote: https://github.com/raszi/restful-authentication.git
  revision: 0f7d50512bf47a63e53ea05cd5a7b2161732448f
  branch: rails4
  specs:
    restful-authentication (2.0.0.beta1)

GIT
  remote: https://github.com/shanti-uva/flare.git
  revision: 229637f1b095716a84162332637b4899dd2fb5f1
  tag: v1.1.8
  specs:
    flare (1.1.8)
      faraday (~> 0.11.0)
      rails (>= 4.0)
      rsolr (~> 2.0.0.pre3)

GIT
  remote: https://github.com/shanti-uva/kmaps_engine.git
  revision: 0a23b065a7032238dc5e5322ccca6059dfb37eb9
  tag: v4.1.7
  specs:
    kmaps_engine (4.1.7)
      annotate
      coffee-rails (~> 4.2)
      exception_notification
      hpricot
      jbuilder (~> 2.5)
      memcache-client
      pg (~> 0.18)
      puma (~> 3.7)
      rails (>= 4.0)
      turbolinks (~> 5)
      uglifier (>= 1.3.0)
      will_paginate

GIT
  remote: https://github.com/shanti-uva/resource_controller.git
  revision: 54800be42767e071f075257ef2e3bb1bf465f216
  tag: v0.9.2
  specs:
    resource_controller (0.9.2)

GIT
  remote: https://github.com/shanti-uva/shanti_integration.git
  revision: 0773208faf7aa3d424548d8c5589052bde462a4c
  tag: v3.4.1
  specs:
    shanti_integration (3.4.1)
      rails (>= 4.0)

GIT
  remote: https://github.com/shanti-uva/subjects_engine.git
  revision: f357ee2a00f11e442bcc3a3d0e349165797afb9c
  tag: v1.3.7
  specs:
    subjects_engine (1.3.7)
      rails (>= 4.0)

GIT
  remote: https://github.com/thl/active_resource_extensions.git
  revision: ba098c7939d19c04bb8e4d5fe14610fe0bc76073
  tag: v2.2.0
  specs:
    active_resource_extensions (2.2.0)
      activeresource
      hpricot
      rails (>= 4.0)

GIT
  remote: https://github.com/thl/acts_as_family_tree.git
  revision: 93231fd487fafe35936fe62f2109067fedd8605d
  tag: v1.1.9
  specs:
    acts_as_family_tree (1.1.9)
      rails (>= 4.0)

GIT
  remote: https://github.com/thl/authenticated_system.git
  revision: dbc9af12ac5ffd0d26e854098046846d2d6c128c
  tag: v2.3.7
  specs:
    authenticated_system (2.3.7)
      rails (>= 4.0)

GIT
  remote: https://github.com/thl/complex_dates.git
  revision: 8f7470089417776ea9820028ecde07dcb40b6c91
  tag: v2.2.6
  specs:
    complex_dates (2.2.6)
      rails (>= 4.0)

GIT
  remote: https://github.com/thl/complex_scripts.git
  revision: fc74b2f67a66a98b0c28c7c2305c9800d34cae26
  tag: v2.3.1
  specs:
    complex_scripts (2.3.1)
      hpricot
      passiverecord (= 0.2)
      rails (>= 4.0)

GIT
  remote: https://github.com/thl/interface_utils.git
  revision: bde636a67ea0f6c9a2f0243cb34e486bc24311b7
  tag: v2.3.6
  specs:
    interface_utils (2.3.6)
      rails (>= 4.0)

GIT
  remote: https://github.com/thl/mms_integration.git
  revision: dde4ddc0b7616fab1619a72ce1d99ae13a0dfcef
  tag: v2.3.5
  specs:
    mms_integration (2.3.5)
      rails (>= 4.0)

GIT
  remote: https://github.com/thl/places_integration.git
  revision: 4bfa000185108463255a8762674d91e15f1c1894
  tag: v2.1.8
  specs:
    places_integration (2.1.8)
      rails (>= 4.0)

GIT
  remote: https://github.com/thl/proxy_engine.git
  revision: 7b032964ef34b578162210d352b197da86fb53cc
  tag: v2.1.6
  specs:
    proxy_engine (2.1.6)
      rails (>= 4.0)

GIT
  remote: https://github.com/thl/universal_navigation.git
  revision: b7e520825ffd677498e8f7def76184ea99c535c2
  tag: v3.1.2
  specs:
    universal_navigation (3.1.2)
      rails (>= 4.0)

GEM
  remote: http://rubygems.org/
  specs:
    actionmailer (4.2.5)
      actionpack (= 4.2.5)
      actionview (= 4.2.5)
      activejob (= 4.2.5)
      mail (~> 2.5, >= 2.5.4)
      rails-dom-testing (~> 1.0, >= 1.0.5)
    actionpack (4.2.5)
      actionview (= 4.2.5)
      activesupport (= 4.2.5)
      rack (~> 1.6)
      rack-test (~> 0.6.2)
      rails-dom-testing (~> 1.0, >= 1.0.5)
      rails-html-sanitizer (~> 1.0, >= 1.0.2)
    actionpack-action_caching (1.2.0)
      actionpack (>= 4.0.0, < 6)
    actionpack-page_caching (1.1.0)
      actionpack (>= 4.0.0, < 6)
    actionview (4.2.5)
      activesupport (= 4.2.5)
      builder (~> 3.1)
      erubis (~> 2.7.0)
      rails-dom-testing (~> 1.0, >= 1.0.5)
      rails-html-sanitizer (~> 1.0, >= 1.0.2)
    activejob (4.2.5)
      activesupport (= 4.2.5)
      globalid (>= 0.3.0)
    activemodel (4.2.5)
      activesupport (= 4.2.5)
      builder (~> 3.1)
    activerecord (4.2.5)
      activemodel (= 4.2.5)
      activesupport (= 4.2.5)
      arel (~> 6.0)
    activeresource (4.1.0)
      activemodel (~> 4.0)
      activesupport (~> 4.0)
      rails-observers (~> 0.1.2)
    activesupport (4.2.5)
      i18n (~> 0.7)
      json (~> 1.7, >= 1.7.7)
      minitest (~> 5.1)
      thread_safe (~> 0.3, >= 0.3.4)
      tzinfo (~> 1.1)
    addressable (2.5.2)
      public_suffix (>= 2.0.2, < 4.0)
    annotate (2.7.2)
      activerecord (>= 3.2, < 6.0)
      rake (>= 10.4, < 13.0)
    arel (6.0.4)
    autoprefixer-rails (7.2.1)
      execjs
    bootstrap-sass (3.3.7)
      autoprefixer-rails (>= 5.2.1)
      sass (>= 3.3.4)
    builder (3.2.3)
    byebug (9.1.0)
    capybara (2.16.1)
      addressable
      mini_mime (>= 0.1.3)
      nokogiri (>= 1.3.3)
      rack (>= 1.0.0)
      rack-test (>= 0.5.4)
      xpath (~> 2.0)
    childprocess (0.8.0)
      ffi (~> 1.0, >= 1.0.11)
    coffee-rails (4.2.2)
      coffee-script (>= 2.2.0)
      railties (>= 4.0.0)
    coffee-script (2.4.1)
      coffee-script-source
      execjs
    coffee-script-source (1.12.2)
    concurrent-ruby (1.0.5)
    crass (1.0.3)
    debug_inspector (0.0.3)
    dynamic_form (1.1.4)
    erubis (2.7.0)
    exception_notification (4.2.2)
      actionmailer (>= 4.0, < 6)
      activesupport (>= 4.0, < 6)
    execjs (2.7.0)
    faraday (0.11.0)
      multipart-post (>= 1.2, < 3)
    ffi (1.9.18)
    globalid (0.4.1)
      activesupport (>= 4.2.0)
    hpricot (0.8.6)
    i18n (0.9.1)
      concurrent-ruby (~> 1.0)
    jbuilder (2.7.0)
      activesupport (>= 4.2.0)
      multi_json (>= 1.2)
    jquery-rails (4.3.1)
      rails-dom-testing (>= 1, < 3)
      railties (>= 4.2.0)
      thor (>= 0.14, < 2.0)
    jquery-ui-rails (6.0.1)
      railties (>= 3.2.16)
    json (1.8.6)
    listen (3.1.5)
      rb-fsevent (~> 0.9, >= 0.9.4)
      rb-inotify (~> 0.9, >= 0.9.7)
      ruby_dep (~> 1.2)
    loofah (2.1.1)
      crass (~> 1.0.2)
      nokogiri (>= 1.5.9)
    mail (2.7.0)
      mini_mime (>= 0.1.1)
    memcache-client (1.8.5)
    mini_mime (1.0.0)
    mini_portile2 (2.3.0)
    minitest (5.10.3)
    multi_json (1.12.2)
    multipart-post (2.0.0)
    newrelic_rpm (4.6.0.338)
    nokogiri (1.8.1)
      mini_portile2 (~> 2.3.0)
    open_id_authentication (1.3.0)
      rack-openid (~> 1.3)
    pg (0.21.0)
    public_suffix (3.0.1)
    puma (3.11.0)
    rack (1.6.8)
    rack-openid (1.4.2)
      rack (>= 1.1.0)
      ruby-openid (>= 2.1.8)
    rack-test (0.6.3)
      rack (>= 1.0)
    rails (4.2.5)
      actionmailer (= 4.2.5)
      actionpack (= 4.2.5)
      actionview (= 4.2.5)
      activejob (= 4.2.5)
      activemodel (= 4.2.5)
      activerecord (= 4.2.5)
      activesupport (= 4.2.5)
      bundler (>= 1.3.0, < 2.0)
      railties (= 4.2.5)
      sprockets-rails
    rails-deprecated_sanitizer (1.0.3)
      activesupport (>= 4.2.0.alpha)
    rails-dom-testing (1.0.8)
      activesupport (>= 4.2.0.beta, < 5.0)
      nokogiri (~> 1.6)
      rails-deprecated_sanitizer (>= 1.0.1)
    rails-html-sanitizer (1.0.3)
      loofah (~> 2.0)
    rails-observers (0.1.5)
      activemodel (>= 4.0)
    railties (4.2.5)
      actionpack (= 4.2.5)
      activesupport (= 4.2.5)
      rake (>= 0.8.7)
      thor (>= 0.18.1, < 2.0)
    rake (12.3.0)
    rb-fsevent (0.10.2)
    rb-inotify (0.9.10)
      ffi (>= 0.5.0, < 2)
    rdoc (4.3.0)
    rsolr (2.0.2)
      builder (>= 2.1.2)
      faraday
    ruby-openid (2.7.0)
    ruby_dep (1.5.0)
    rubyzip (1.2.1)
    sass (3.5.3)
      sass-listen (~> 4.0.0)
    sass-listen (4.0.0)
      rb-fsevent (~> 0.9, >= 0.9.4)
      rb-inotify (~> 0.9, >= 0.9.7)
    sass-rails (5.0.7)
      railties (>= 4.0.0, < 6)
      sass (~> 3.1)
      sprockets (>= 2.8, < 4.0)
      sprockets-rails (>= 2.0, < 4.0)
      tilt (>= 1.1, < 3)
    sdoc (0.4.2)
      json (~> 1.7, >= 1.7.7)
      rdoc (~> 4.0)
    selenium-webdriver (3.8.0)
      childprocess (~> 0.5)
      rubyzip (~> 1.0)
    spring (2.0.2)
      activesupport (>= 4.2)
    spring-watcher-listen (2.0.1)
      listen (>= 2.7, < 4.0)
      spring (>= 1.2, < 3.0)
    sprockets (3.7.1)
      concurrent-ruby (~> 1.0)
      rack (> 1, < 3)
    sprockets-rails (3.2.1)
      actionpack (>= 4.0)
      activesupport (>= 4.0)
      sprockets (>= 3.0.0)
    thor (0.20.0)
    thread_safe (0.3.6)
    tilt (2.0.8)
    tinymce-rails (4.7.4)
      railties (>= 3.1.1)
    turbolinks (5.0.1)
      turbolinks-source (~> 5)
    turbolinks-source (5.0.3)
    tzinfo (1.2.4)
      thread_safe (~> 0.1)
    uglifier (3.2.0)
      execjs (>= 0.3.0, < 3)
    web-console (3.3.0)
      activemodel (>= 4.2)
      debug_inspector
      railties (>= 4.2)
    will_paginate (3.1.6)
    xpath (2.1.0)
      nokogiri (~> 1.3)

PLATFORMS
  ruby

DEPENDENCIES
  actionpack-action_caching
  actionpack-page_caching
  active_resource_extensions (= 2.2.0)!
  activeresource
  acts_as_family_tree (= 1.1.9)!
  authenticated_system (= 2.3.7)!
  bootstrap-sass (~> 3.3.5)
  byebug
  capybara (~> 2.13)
  complex_dates (= 2.2.6)!
  complex_scripts (= 2.3.1)!
  dynamic_form
  flare (= 1.1.8)!
  hpricot
  interface_utils (= 2.3.6)!
  jbuilder
  jquery-rails
  jquery-ui-rails
  kmaps_engine (= 4.1.7)!
  listen (>= 3.0.5, < 3.2)
  mms_integration (= 2.3.5)!
  newrelic_rpm
  open_id_authentication
  passiverecord (= 0.2)!
  places_integration (= 2.1.8)!
  proxy_engine (= 2.1.6)!
  rack-openid
  rails (= 4.2.5)
  rails-observers
  resource_controller (= 0.9.2)!
  restful-authentication (= 2.0.0.beta1)!
  sass-rails (~> 5.0)
  sdoc (~> 0.4.0)
  selenium-webdriver
  shanti_integration (= 3.4.1)!
  spawnling (= 2.1.6)!
  spring
  spring-watcher-listen (~> 2.0.0)
  subjects_engine (= 1.3.7)!
  tinymce-rails
  tzinfo-data
  uglifier (= 3.2.0)
  universal_navigation (= 3.1.2)!
  web-console (>= 3.3.0)
  will_paginate

BUNDLED WITH
   1.16.0
