GIT
  remote: git://github.com/ambethia/passiverecord.git
  revision: cdf0747243e9bbf067ab6fea8cc6cc8f860112b1
  specs:
    passiverecord (0.2)

GIT
  remote: git://github.com/nexiahome/spawnling.git
  revision: 422a0aadbc685c17962348468e22e69e18d94500
  specs:
    spawnling (2.1.6)

GIT
  remote: git://github.com/raszi/restful-authentication.git
  revision: 0f7d50512bf47a63e53ea05cd5a7b2161732448f
  branch: rails4
  specs:
    restful-authentication (2.0.0.beta1)

GIT
  remote: git://github.com/shanti-uva/flare.git
  revision: 46f1be831aeb9f0a102b3a892b3d934a29e235f6
  tag: v1.1.6
  specs:
    flare (1.1.6)
      faraday (~> 0.11.0)
      rails (~> 4.1.16)
      rsolr (~> 2.0.0.pre3)

GIT
  remote: git://github.com/shanti-uva/kmaps_engine.git
  revision: 6fea3df37ee4f3ceaee3f7f2dfc205052d77cf69
  branch: names-creation-hotfix/MANU-4366/drc2r
  specs:
    kmaps_engine (4.1.0)
      annotate
      coffee-rails (~> 4.1.0)
      exception_notification
      hpricot
      jbuilder (~> 2.0)
      memcache-client
      pg (~> 0.15)
      rails (= 4.1.16)
      turbolinks
      uglifier (>= 1.3.0)
      will_paginate

GIT
  remote: git://github.com/shanti-uva/resource_controller.git
  revision: 0d6c2e0a0739060a800d5740b386911b4d508eb1
  tag: v0.9.0
  specs:
    resource_controller (0.9.0)

GIT
  remote: git://github.com/shanti-uva/shanti_integration.git
  revision: 1ac06c51e36e21848eb28f3e15a1c7f38c90f873
  tag: v3.3.8
  specs:
    shanti_integration (3.3.8)
      rails (~> 4.1.16)

GIT
  remote: git://github.com/shanti-uva/subjects_engine.git
  revision: 8f77d5111cfc629941e909eac58ecf076c0ab21c
  tag: v1.3.4
  specs:
    subjects_engine (1.3.4)
      rails (~> 4.0)

GIT
  remote: git://github.com/thl/active_resource_extensions.git
  revision: f99aecbac84eaa92b6251467b9e8d907119ed5ff
  tag: v2.1.8
  specs:
    active_resource_extensions (2.1.8)
      activeresource
      hpricot
      rails (~> 4.1.16)

GIT
  remote: git://github.com/thl/acts_as_family_tree.git
  revision: 8ab8cbdb8e2c94202b44a9ec4a903aefe063c507
  tag: v1.1.6
  specs:
    acts_as_family_tree (1.1.6)
      rails (~> 4.1.16)

GIT
  remote: git://github.com/thl/authenticated_system.git
  revision: 7d17295309257d116a96de746f2b521b13ad3413
  tag: v2.3.5
  specs:
    authenticated_system (2.3.5)
      rails (~> 4.1.16)

GIT
  remote: git://github.com/thl/complex_dates.git
  revision: 82e05d3e14f5798f31873ca7d1c3875f31f29fc1
  tag: v2.2.3
  specs:
    complex_dates (2.2.3)
      rails (~> 4.1.16)

GIT
  remote: git://github.com/thl/complex_scripts.git
  revision: 8ca58efc3387f33762dc74f258a8ebe1042d9e9b
  tag: v2.2.8
  specs:
    complex_scripts (2.2.8)
      hpricot
      passiverecord (= 0.2)
      rails (~> 4.1.16)

GIT
  remote: git://github.com/thl/interface_utils.git
  revision: 75dcb6365e49130451db4c745ef0ddd57449706e
  tag: v2.3.2
  specs:
    interface_utils (2.3.2)
      rails (~> 4.1.16)

GIT
  remote: git://github.com/thl/mms_integration.git
  revision: fe4a75cbf44f4f72a101153c458717caac025375
  tag: v2.3.3
  specs:
    mms_integration (2.3.3)
      rails (~> 4.1.16)

GIT
  remote: git://github.com/thl/places_integration.git
  revision: 8b626f75f873e5f07571022c3cc11e9d62acfa68
  tag: v2.1.6
  specs:
    places_integration (2.1.6)
      rails (~> 4.1.16)

GIT
  remote: git://github.com/thl/proxy_engine.git
  revision: b321f60148149e0971e98e1a1e1318a0a1aa346d
  tag: v2.1.3
  specs:
    proxy_engine (2.1.3)
      rails (~> 4.1.16)

GIT
  remote: git://github.com/thl/universal_navigation.git
  revision: ab3f83475bbe30940f8c599f833dcf8dbde7b5fa
  tag: v3.0.9
  specs:
    universal_navigation (3.0.9)
      rails (~> 4.1.16)

GEM
  remote: http://rubygems.org/
  specs:
    actionmailer (4.1.16)
      actionpack (= 4.1.16)
      actionview (= 4.1.16)
      mail (~> 2.5, >= 2.5.4)
    actionpack (4.1.16)
      actionview (= 4.1.16)
      activesupport (= 4.1.16)
      rack (~> 1.5.2)
      rack-test (~> 0.6.2)
    actionpack-action_caching (1.2.0)
      actionpack (>= 4.0.0, < 6)
    actionpack-page_caching (1.1.0)
      actionpack (>= 4.0.0, < 6)
    actionview (4.1.16)
      activesupport (= 4.1.16)
      builder (~> 3.1)
      erubis (~> 2.7.0)
    activemodel (4.1.16)
      activesupport (= 4.1.16)
      builder (~> 3.1)
    activerecord (4.1.16)
      activemodel (= 4.1.16)
      activesupport (= 4.1.16)
      arel (~> 5.0.0)
    activeresource (4.1.0)
      activemodel (~> 4.0)
      activesupport (~> 4.0)
      rails-observers (~> 0.1.2)
    activesupport (4.1.16)
      i18n (~> 0.6, >= 0.6.9)
      json (~> 1.7, >= 1.7.7)
      minitest (~> 5.1)
      thread_safe (~> 0.1)
      tzinfo (~> 1.1)
    annotate (2.7.2)
      activerecord (>= 3.2, < 6.0)
      rake (>= 10.4, < 13.0)
    arel (5.0.1.20140414130214)
    autoprefixer-rails (7.1.4.1)
      execjs
    binding_of_caller (0.7.2)
      debug_inspector (>= 0.0.1)
    bootstrap-sass (3.3.7)
      autoprefixer-rails (>= 5.2.1)
      sass (>= 3.3.4)
    builder (3.2.3)
    byebug (9.0.6)
    coffee-rails (4.1.1)
      coffee-script (>= 2.2.0)
      railties (>= 4.0.0, < 5.1.x)
    coffee-script (2.4.1)
      coffee-script-source
      execjs
    coffee-script-source (1.12.2)
    concurrent-ruby (1.0.5)
    debug_inspector (0.0.3)
    dynamic_form (1.1.4)
    erubis (2.7.0)
    exception_notification (4.2.2)
      actionmailer (>= 4.0, < 6)
      activesupport (>= 4.0, < 6)
    execjs (2.7.0)
    faraday (0.11.0)
      multipart-post (>= 1.2, < 3)
    ffi (1.9.18)
    hpricot (0.8.6)
    i18n (0.9.0)
      concurrent-ruby (~> 1.0)
    jbuilder (2.6.4)
      activesupport (>= 3.0.0)
      multi_json (>= 1.2)
    jquery-rails (3.1.4)
      railties (>= 3.0, < 5.0)
      thor (>= 0.14, < 2.0)
    jquery-ui-rails (6.0.1)
      railties (>= 3.2.16)
    json (1.8.6)
    libv8 (3.16.14.19)
    mail (2.6.6)
      mime-types (>= 1.16, < 4)
    memcache-client (1.8.5)
    mime-types (3.1)
      mime-types-data (~> 3.2015)
    mime-types-data (3.2016.0521)
    minitest (5.10.3)
    multi_json (1.12.2)
    multipart-post (2.0.0)
    newrelic_rpm (4.5.0.337)
    open_id_authentication (1.3.0)
      rack-openid (~> 1.3)
    pg (0.21.0)
    protected_attributes (1.1.4)
      activemodel (>= 4.0.1, < 5.0)
    rack (1.5.5)
    rack-openid (1.4.2)
      rack (>= 1.1.0)
      ruby-openid (>= 2.1.8)
    rack-test (0.6.3)
      rack (>= 1.0)
    rails (4.1.16)
      actionmailer (= 4.1.16)
      actionpack (= 4.1.16)
      actionview (= 4.1.16)
      activemodel (= 4.1.16)
      activerecord (= 4.1.16)
      activesupport (= 4.1.16)
      bundler (>= 1.3.0, < 2.0)
      railties (= 4.1.16)
      sprockets-rails (~> 2.0)
    rails-observers (0.1.5)
      activemodel (>= 4.0)
    railties (4.1.16)
      actionpack (= 4.1.16)
      activesupport (= 4.1.16)
      rake (>= 0.8.7)
      thor (>= 0.18.1, < 2.0)
    rake (12.1.0)
    rb-fsevent (0.10.2)
    rb-inotify (0.9.10)
      ffi (>= 0.5.0, < 2)
    rdoc (4.3.0)
    ref (2.0.0)
    rsolr (2.0.2)
      builder (>= 2.1.2)
      faraday
    ruby-openid (2.7.0)
    sass (3.5.1)
      sass-listen (~> 4.0.0)
    sass-listen (4.0.0)
      rb-fsevent (~> 0.9, >= 0.9.4)
      rb-inotify (~> 0.9, >= 0.9.7)
    sass-rails (5.0.6)
      railties (>= 4.0.0, < 6)
      sass (~> 3.1)
      sprockets (>= 2.8, < 4.0)
      sprockets-rails (>= 2.0, < 4.0)
      tilt (>= 1.1, < 3)
    sdoc (0.4.2)
      json (~> 1.7, >= 1.7.7)
      rdoc (~> 4.0)
    spring (1.7.2)
    sprockets (3.7.1)
      concurrent-ruby (~> 1.0)
      rack (> 1, < 3)
    sprockets-rails (2.3.3)
      actionpack (>= 3.0)
      activesupport (>= 3.0)
      sprockets (>= 2.8, < 4.0)
    therubyracer (0.12.3)
      libv8 (~> 3.16.14.15)
      ref
    thor (0.20.0)
    thread_safe (0.3.6)
    tilt (2.0.8)
    tinymce-rails (4.6.7)
      railties (>= 3.1.1)
    turbolinks (5.0.1)
      turbolinks-source (~> 5)
    turbolinks-source (5.0.3)
    tzinfo (1.2.3)
      thread_safe (~> 0.1)
    uglifier (3.2.0)
      execjs (>= 0.3.0, < 3)
    web-console (2.3.0)
      activemodel (>= 4.0)
      binding_of_caller (>= 0.7.2)
      railties (>= 4.0)
      sprockets-rails (>= 2.0, < 4.0)
    will_paginate (3.1.6)

PLATFORMS
  ruby

DEPENDENCIES
  actionpack-action_caching
  actionpack-page_caching
  active_resource_extensions (= 2.1.8)!
  activeresource
  acts_as_family_tree (= 1.1.6)!
  authenticated_system (= 2.3.5)!
  bootstrap-sass (~> 3.3.5)
  byebug
  complex_dates (= 2.2.3)!
  complex_scripts (= 2.2.8)!
  dynamic_form
  flare (= 1.1.6)!
  hpricot
  interface_utils (= 2.3.2)!
  jbuilder
  jquery-rails
  jquery-ui-rails
  kmaps_engine (= 4.1.0)!
  mms_integration (= 2.3.3)!
  newrelic_rpm
  open_id_authentication
  passiverecord (= 0.2)!
  places_integration (= 2.1.6)!
  protected_attributes
  proxy_engine (= 2.1.3)!
  rack-openid
  rails-observers
  resource_controller (= 0.9.0)!
  restful-authentication (= 2.0.0.beta1)!
  sass-rails (~> 5.0.6)
  sdoc (~> 0.4.0)
  shanti_integration (= 3.3.8)!
  spawnling (= 2.1.6)!
  spring
  subjects_engine (= 1.3.4)!
  therubyracer
  tinymce-rails
  universal_navigation (= 3.0.9)!
  web-console (~> 2.0)
  will_paginate

BUNDLED WITH
   1.15.4
