GIT
  remote: git://github.com/ambethia/passiverecord.git
  revision: cdf0747243e9bbf067ab6fea8cc6cc8f860112b1
  specs:
    passiverecord (0.2)

GIT
  remote: git://github.com/nexiahome/spawnling.git
  revision: 422a0aadbc685c17962348468e22e69e18d94500
  specs:
    spawnling (2.1.6)

GIT
  remote: git://github.com/raszi/restful-authentication.git
  revision: 0f7d50512bf47a63e53ea05cd5a7b2161732448f
  branch: rails4
  specs:
    restful-authentication (2.0.0.beta1)

GIT
  remote: git://github.com/shanti-uva/flare.git
  revision: 6321097ab52fc86530c9e898a1570bc3c5e9aef8
  tag: v1.1.1
  specs:
    flare (1.1.1)
      faraday
      rails (~> 4.1.5)
      rsolr (~> 2.0.0.pre3)

GIT
  remote: git://github.com/shanti-uva/kmaps_engine.git
  revision: f3c5fff3f26a92d0a8d34d1731b1eaca09da044e
  tag: v3.9.0
  specs:
    kmaps_engine (3.9.0)
      annotate
      coffee-rails (~> 4.0.0)
      exception_notification
      hpricot
      jbuilder (~> 2.0)
      memcache-client
      pg
      rails (~> 4.1.5)
      turbolinks
      uglifier (>= 1.3.0)
      will_paginate

GIT
  remote: git://github.com/shanti-uva/resource_controller.git
  revision: 0d6c2e0a0739060a800d5740b386911b4d508eb1
  tag: v0.9.0
  specs:
    resource_controller (0.9.0)

GIT
  remote: git://github.com/shanti-uva/shanti_integration.git
  revision: 33f7dadc8357a57cfc5aef7db2dba7319e5ab57a
  tag: v3.3.5
  specs:
    shanti_integration (3.3.5)
      rails (~> 4.0)

GIT
  remote: git://github.com/shanti-uva/subjects_engine.git
  revision: 0c7d155d3adf860727b095c6390a214016d9826f
  tag: v1.2.2
  specs:
    subjects_engine (1.2.2)
      rails (~> 4.0)

GIT
  remote: git://github.com/thl/active_resource_extensions.git
  revision: a230f5f6654b0cdfa1a434498baf441b66805128
  tag: v2.1.7
  specs:
    active_resource_extensions (2.1.7)
      activeresource
      hpricot
      rails (~> 4.0)

GIT
  remote: git://github.com/thl/acts_as_family_tree.git
  revision: 75238f7bbf3c0c6b8b7c674cf1bfaef7b8fb6ef5
  tag: v1.1.5
  specs:
    acts_as_family_tree (1.1.5)
      rails (~> 4.0)

GIT
  remote: git://github.com/thl/authenticated_system.git
  revision: ca2e653f1b017f5cc9a03c4acab027098422e8d0
  tag: v2.3.4
  specs:
    authenticated_system (2.3.4)
      rails (~> 4.0)

GIT
  remote: git://github.com/thl/complex_dates.git
  revision: 212b90de2848f53385dc104171a6bf624630d852
  tag: v2.2.2
  specs:
    complex_dates (2.2.2)
      rails (~> 4.0)

GIT
  remote: git://github.com/thl/complex_scripts.git
  revision: f718b855966923a691bdd65984bdf36873ceebd2
  tag: v2.2.7
  specs:
    complex_scripts (2.2.7)
      hpricot
      passiverecord (= 0.2)
      rails (~> 4.0)

GIT
  remote: git://github.com/thl/interface_utils.git
  revision: fd45fd18bb66034ce135f59fa30adce9dc81e652
  tag: v2.3.0
  specs:
    interface_utils (2.3.0)
      rails (~> 4.0)

GIT
  remote: git://github.com/thl/mms_integration.git
  revision: 597dcd6bd723d0a03c617ee685be5b4ea711aa29
  tag: v2.3.2
  specs:
    mms_integration (2.3.2)
      rails (~> 4.0)

GIT
  remote: git://github.com/thl/places_integration.git
  revision: 57abea4c5a72da487ff67319425023413f64cbb4
  tag: v2.1.5
  specs:
    places_integration (2.1.5)
      rails (~> 4.0)

GIT
  remote: git://github.com/thl/proxy_engine.git
  revision: 49d536e60bdfa648edba75959c43c79cba70ecf9
  tag: v2.1.2
  specs:
    proxy_engine (2.1.2)
      rails (~> 4.0)

GIT
  remote: git://github.com/thl/universal_navigation.git
  revision: ab12eae8f1970a7ba8c0b5af70830c1f50e90d20
  tag: v3.0.7
  specs:
    universal_navigation (3.0.7)
      rails (~> 4.0)

GEM
  remote: http://rubygems.org/
  specs:
    actionmailer (4.1.16)
      actionpack (= 4.1.16)
      actionview (= 4.1.16)
      mail (~> 2.5, >= 2.5.4)
    actionpack (4.1.16)
      actionview (= 4.1.16)
      activesupport (= 4.1.16)
      rack (~> 1.5.2)
      rack-test (~> 0.6.2)
    actionpack-action_caching (1.1.1)
      actionpack (>= 4.0.0, < 5.0)
    actionpack-page_caching (1.0.2)
      actionpack (>= 4.0.0, < 5)
    actionview (4.1.16)
      activesupport (= 4.1.16)
      builder (~> 3.1)
      erubis (~> 2.7.0)
    activemodel (4.1.16)
      activesupport (= 4.1.16)
      builder (~> 3.1)
    activerecord (4.1.16)
      activemodel (= 4.1.16)
      activesupport (= 4.1.16)
      arel (~> 5.0.0)
    activeresource (4.0.0)
      activemodel (~> 4.0)
      activesupport (~> 4.0)
      rails-observers (~> 0.1.1)
    activesupport (4.1.16)
      i18n (~> 0.6, >= 0.6.9)
      json (~> 1.7, >= 1.7.7)
      minitest (~> 5.1)
      thread_safe (~> 0.1)
      tzinfo (~> 1.1)
    annotate (2.7.1)
      activerecord (>= 3.2, < 6.0)
      rake (>= 10.4, < 12.0)
    arel (5.0.1.20140414130214)
    autoprefixer-rails (6.3.1)
      execjs
      json
    bootstrap-sass (3.3.5)
      autoprefixer-rails (>= 5.0.0.1)
      sass (>= 3.2.19)
    builder (3.2.2)
    byebug (3.4.0)
      columnize (~> 0.8)
      debugger-linecache (~> 1.2)
      slop (~> 3.6)
    coffee-rails (4.0.1)
      coffee-script (>= 2.2.0)
      railties (>= 4.0.0, < 5.0)
    coffee-script (2.4.1)
      coffee-script-source
      execjs
    coffee-script-source (1.12.2)
    columnize (0.8.9)
    concurrent-ruby (1.0.2)
    debugger-linecache (1.2.0)
    dynamic_form (1.1.4)
    erubis (2.7.0)
    exception_notification (4.2.1)
      actionmailer (>= 4.0, < 6)
      activesupport (>= 4.0, < 6)
    execjs (2.2.1)
    faraday (0.11.0)
      multipart-post (>= 1.2, < 3)
    hpricot (0.8.6)
    i18n (0.7.0)
    jbuilder (2.6.3)
      activesupport (>= 3.0.0, < 5.2)
      multi_json (~> 1.2)
    jquery-rails (3.1.2)
      railties (>= 3.0, < 5.0)
      thor (>= 0.14, < 2.0)
    jquery-ui-rails (5.0.0)
      railties (>= 3.2.16)
    json (1.8.3)
    libv8 (3.16.14.7)
    mail (2.6.4)
      mime-types (>= 1.16, < 4)
    memcache-client (1.8.5)
    mime-types (3.1)
      mime-types-data (~> 3.2015)
    mime-types-data (3.2016.0521)
    minitest (5.9.1)
    multi_json (1.12.1)
    multipart-post (2.0.0)
    newrelic_rpm (3.16.2.321)
    open_id_authentication (1.2.0)
      rack-openid (~> 1.3)
    pg (0.20.0)
    protected_attributes (1.0.8)
      activemodel (>= 4.0.1, < 5.0)
    rack (1.5.5)
    rack-openid (1.4.2)
      rack (>= 1.1.0)
      ruby-openid (>= 2.1.8)
    rack-test (0.6.3)
      rack (>= 1.0)
    rails (4.1.16)
      actionmailer (= 4.1.16)
      actionpack (= 4.1.16)
      actionview (= 4.1.16)
      activemodel (= 4.1.16)
      activerecord (= 4.1.16)
      activesupport (= 4.1.16)
      bundler (>= 1.3.0, < 2.0)
      railties (= 4.1.16)
      sprockets-rails (~> 2.0)
    rails-observers (0.1.2)
      activemodel (~> 4.0)
    railties (4.1.16)
      actionpack (= 4.1.16)
      activesupport (= 4.1.16)
      rake (>= 0.8.7)
      thor (>= 0.18.1, < 2.0)
    rake (11.3.0)
    rdoc (4.1.1)
      json (~> 1.4)
    ref (1.0.5)
    rsolr (2.0.0.rc1)
      builder (>= 2.1.2)
      faraday
    ruby-openid (2.5.0)
    sass (3.4.22)
    sass-rails (5.0.6)
      railties (>= 4.0.0, < 6)
      sass (~> 3.1)
      sprockets (>= 2.8, < 4.0)
      sprockets-rails (>= 2.0, < 4.0)
      tilt (>= 1.1, < 3)
    sdoc (0.4.1)
      json (~> 1.7, >= 1.7.7)
      rdoc (~> 4.0)
    slop (3.6.0)
    spring (1.1.3)
    sprockets (3.7.0)
      concurrent-ruby (~> 1.0)
      rack (> 1, < 3)
    sprockets-rails (2.3.3)
      actionpack (>= 3.0)
      activesupport (>= 3.0)
      sprockets (>= 2.8, < 4.0)
    therubyracer (0.12.1)
      libv8 (~> 3.16.14.0)
      ref
    thor (0.19.1)
    thread_safe (0.3.5)
    tilt (2.0.5)
    tinymce-rails (4.1.6)
      railties (>= 3.1.1)
    turbolinks (5.0.1)
      turbolinks-source (~> 5)
    turbolinks-source (5.0.3)
    tzinfo (1.2.2)
      thread_safe (~> 0.1)
    uglifier (3.2.0)
      execjs (>= 0.3.0, < 3)
    will_paginate (3.1.0)

PLATFORMS
  ruby

DEPENDENCIES
  actionpack-action_caching
  actionpack-page_caching
  active_resource_extensions (= 2.1.7)!
  activeresource
  acts_as_family_tree (= 1.1.5)!
  authenticated_system (= 2.3.4)!
  bootstrap-sass (~> 3.3.5)
  byebug
  complex_dates (= 2.2.2)!
  complex_scripts (= 2.2.7)!
  dynamic_form
  flare (= 1.1.1)!
  hpricot
  interface_utils (= 2.3.0)!
  jbuilder
  jquery-rails
  jquery-ui-rails
  kmaps_engine (= 3.9.0)!
  mms_integration (= 2.3.2)!
  newrelic_rpm
  open_id_authentication
  passiverecord (= 0.2)!
  places_integration (= 2.1.5)!
  protected_attributes
  proxy_engine (= 2.1.2)!
  rack-openid
  rails-observers
  resource_controller (= 0.9.0)!
  restful-authentication (= 2.0.0.beta1)!
  sass-rails (~> 5.0.6)
  sdoc (~> 0.4.0)
  shanti_integration (= 3.3.5)!
  spawnling (= 2.1.6)!
  spring
  subjects_engine (= 1.2.2)!
  therubyracer
  tinymce-rails
  universal_navigation (= 3.0.7)!
  will_paginate

BUNDLED WITH
   1.13.3
