GIT
  remote: git://github.com/Satish/restful-authentication.git
  revision: a2f669944c86f2bec46bb248360e556a983140d4
  branch: rails3
  specs:
    restful-authentication (2.0.0.beta1)

GIT
  remote: git://github.com/ambethia/passiverecord.git
  revision: cdf0747243e9bbf067ab6fea8cc6cc8f860112b1
  specs:
    passiverecord (0.2)

GIT
  remote: git://github.com/kartofflly/spawn.git
  revision: 9096752c05b6eb8f5d8e0c24ad74bde4fea583ee
  specs:
    spawn (1.0.1)

GIT
  remote: git://github.com/shanti-uva/kmaps_engine.git
  revision: f46752c1f4e795f69acd07225e9d2693c4c94722
  tag: v2.0.0
  specs:
    kmaps_engine (2.0.0)
      rails (~> 3.2.13)

GIT
  remote: git://github.com/shanti-uva/shanti_integration.git
  revision: b493381ab2ce056acaf3b78ae35f6935dfb771d2
  tag: v2.3.0
  specs:
    shanti_integration (2.3.0)
      rails (~> 3.2.8)

GIT
  remote: git://github.com/shanti-uva/subjects_engine.git
  revision: 13fb0ac85302d88da98955b6d57f590a8caf8b06
  tag: v0.3.0
  specs:
    subjects_engine (0.3.0)
      rails (~> 3.2.13)

GIT
  remote: git://github.com/thl/active_resource_extensions.git
  revision: edcb8f5ea5f0e132911e2a5b58fdb1aba075945a
  tag: v2.1.0
  specs:
    active_resource_extensions (2.1.0)
      rails (~> 3.2.8)

GIT
  remote: git://github.com/thl/acts_as_family_tree.git
  revision: aa2eb372cb5604097be07a577c07ac02921a30bc
  tag: v1.1.0
  specs:
    acts_as_family_tree (1.1.0)
      rails (~> 3.2.11)

GIT
  remote: git://github.com/thl/authenticated_system.git
  revision: 95bce5b5301a6b570a12252f05c4adbc89a460d0
  tag: v2.2.0
  specs:
    authenticated_system (2.2.0)
      rails (~> 3.2.8)

GIT
  remote: git://github.com/thl/complex_dates.git
  revision: 49ef3e6180a51c9c5170bbc955b3b67a046cb038
  tag: v2.1.0
  specs:
    complex_dates (2.1.0)
      rails (~> 3.2.11)

GIT
  remote: git://github.com/thl/complex_scripts.git
  revision: 6e9f1233d7edd102e6799e6417e05e60d4ad2f87
  tag: v2.2.0
  specs:
    complex_scripts (2.2.0)
      passiverecord (= 0.2)
      rails (~> 3.2.8)

GIT
  remote: git://github.com/thl/dictionary_integration.git
  revision: 36e31e2b8bed8d327486f20020855f72c898b1dc
  tag: v2.1.0
  specs:
    dictionary_integration (2.1.0)
      rails (~> 3.2.9)

GIT
  remote: git://github.com/thl/interface_utils.git
  revision: e934e4669c7d53cb7f3bc80b148845619bd4155a
  tag: v2.1.0
  specs:
    interface_utils (2.1.0)
      rails (~> 3.2.11)

GIT
  remote: git://github.com/thl/mms_integration.git
  revision: 76d47bf7f1185658ec8032c27028efe572f4763f
  tag: v2.2.0
  specs:
    mms_integration (2.2.0)
      rails (~> 3.2.8)

GIT
  remote: git://github.com/thl/places_integration.git
  revision: 6ed55e0f94adab3f0251e598c7109dc931e5bb31
  tag: v2.1.0
  specs:
    places_integration (2.1.0)
      rails (~> 3.2.8)

GIT
  remote: git://github.com/thl/proxy_engine.git
  revision: 48f74ed479d7ecfca96a252d9c16dede2ab3d30b
  tag: v2.1.0
  specs:
    proxy_engine (2.1.0)
      rails (~> 3.2.9)

GIT
  remote: git://github.com/thl/universal_navigation.git
  revision: 859fe9c28a96d57c854e98a55d281759ccf4fa43
  tag: v2.1.0
  specs:
    universal_navigation (2.1.0)
      rails (~> 3.2.8)

GEM
  remote: https://rubygems.org/
  specs:
    actionmailer (3.2.13)
      actionpack (= 3.2.13)
      mail (~> 2.5.3)
    actionpack (3.2.13)
      activemodel (= 3.2.13)
      activesupport (= 3.2.13)
      builder (~> 3.0.0)
      erubis (~> 2.7.0)
      journey (~> 1.0.4)
      rack (~> 1.4.5)
      rack-cache (~> 1.2)
      rack-test (~> 0.6.1)
      sprockets (~> 2.2.1)
    activemodel (3.2.13)
      activesupport (= 3.2.13)
      builder (~> 3.0.0)
    activerecord (3.2.13)
      activemodel (= 3.2.13)
      activesupport (= 3.2.13)
      arel (~> 3.0.2)
      tzinfo (~> 0.3.29)
    activeresource (3.2.13)
      activemodel (= 3.2.13)
      activesupport (= 3.2.13)
    activesupport (3.2.13)
      i18n (= 0.6.1)
      multi_json (~> 1.0)
    annotate (2.5.0)
      rake
    arel (3.0.2)
    builder (3.0.4)
    coffee-rails (3.2.2)
      coffee-script (>= 2.2.0)
      railties (~> 3.2.0)
    coffee-script (2.2.0)
      coffee-script-source
      execjs
    coffee-script-source (1.6.2)
    columnize (0.3.6)
    debugger (1.6.5)
      columnize (>= 0.3.1)
      debugger-linecache (~> 1.2.0)
      debugger-ruby_core_source (~> 1.3.1)
    debugger-linecache (1.2.0)
    debugger-ruby_core_source (1.3.1)
    dynamic_form (1.1.4)
    erubis (2.7.0)
    exception_notification (3.0.1)
      actionmailer (>= 3.0.4)
    execjs (1.4.0)
      multi_json (~> 1.0)
    hike (1.2.3)
    hpricot (0.8.6)
    i18n (0.6.1)
    journey (1.0.4)
    jquery-rails (3.0.4)
      railties (>= 3.0, < 5.0)
      thor (>= 0.14, < 2.0)
    json (1.8.1)
    libv8 (3.16.14.3)
    mail (2.5.4)
      mime-types (~> 1.16)
      treetop (~> 1.4.8)
    makandra_resource_controller (0.8.0)
    memcache-client (1.8.5)
    mime-types (1.23)
    multi_json (1.8.4)
    newrelic_rpm (3.7.1.180)
    open_id_authentication (1.1.0)
      rack-openid (~> 1.3)
    pg (0.17.1)
    polyglot (0.3.3)
    rack (1.4.5)
    rack-cache (1.2)
      rack (>= 0.4)
    rack-openid (1.3.1)
      rack (>= 1.1.0)
      ruby-openid (>= 2.1.8)
    rack-ssl (1.3.3)
      rack
    rack-test (0.6.2)
      rack (>= 1.0)
    rails (3.2.13)
      actionmailer (= 3.2.13)
      actionpack (= 3.2.13)
      activerecord (= 3.2.13)
      activeresource (= 3.2.13)
      activesupport (= 3.2.13)
      bundler (~> 1.0)
      railties (= 3.2.13)
    railties (3.2.13)
      actionpack (= 3.2.13)
      activesupport (= 3.2.13)
      rack-ssl (~> 1.3.2)
      rake (>= 0.8.7)
      rdoc (~> 3.4)
      thor (>= 0.14.6, < 2.0)
    rake (10.1.1)
    rdoc (3.12.2)
      json (~> 1.4)
    ref (1.0.5)
    ruby-openid (2.2.3)
    sass (3.2.9)
    sass-rails (3.2.6)
      railties (~> 3.2.0)
      sass (>= 3.1.10)
      tilt (~> 1.3)
    sprockets (2.2.2)
      hike (~> 1.2)
      multi_json (~> 1.0)
      rack (~> 1.0)
      tilt (~> 1.1, != 1.3.0)
    therubyracer (0.12.1)
      libv8 (~> 3.16.14.0)
      ref
    thor (0.18.1)
    tilt (1.4.1)
    tinymce-rails (3.5.6)
      railties (>= 3.1.1)
    treetop (1.4.12)
      polyglot
      polyglot (>= 0.3.1)
    tzinfo (0.3.37)
    uglifier (2.1.1)
      execjs (>= 0.3.0)
      multi_json (~> 1.0, >= 1.0.2)
    will_paginate (3.0.4)

PLATFORMS
  ruby

DEPENDENCIES
  active_resource_extensions (= 2.1.0)!
  acts_as_family_tree (= 1.1.0)!
  annotate
  authenticated_system (= 2.2.0)!
  coffee-rails
  complex_dates (= 2.1.0)!
  complex_scripts (= 2.2.0)!
  debugger
  dictionary_integration (= 2.1.0)!
  dynamic_form
  exception_notification
  hpricot
  interface_utils (= 2.1.0)!
  jquery-rails
  kmaps_engine (= 2.0.0)!
  libv8
  makandra_resource_controller
  memcache-client
  mms_integration (= 2.2.0)!
  newrelic_rpm
  open_id_authentication
  passiverecord (= 0.2)!
  pg
  places_integration (= 2.1.0)!
  proxy_engine (= 2.1.0)!
  rack-openid
  rails (= 3.2.13)
  restful-authentication (= 2.0.0.beta1)!
  sass-rails
  shanti_integration (= 2.3.0)!
  spawn (= 1.0.1)!
  subjects_engine (= 0.3.0)!
  therubyracer
  tinymce-rails
  uglifier
  universal_navigation (= 2.1.0)!
  will_paginate
